GEM
  remote: http://rubygems.org/
  specs:
    pg (0.11.0)
    rack (1.3.1)
    sinatra (1.2.6)
      rack (~> 1.1)
      tilt (>= 1.2.2, < 2.0)
    tilt (1.3.2)

PLATFORMS
  ruby

DEPENDENCIES
  pg (= 0.11.0)
  sinatra (= 1.2.6)
